GEM
  remote: https://rubygems.org/
  specs:
    holidays (4.6.0)
    pdf-core (0.6.1)
    prawn (2.1.0)
      pdf-core (~> 0.6.1)
      ttfunk (~> 1.4.0)
    ttfunk (1.4.0)

PLATFORMS
  ruby

DEPENDENCIES
  holidays
  prawn

BUNDLED WITH
   1.12.5
